GEM
  remote: https://rubygems.org/
  specs:
    hashie (3.4.2)
    rack (1.5.2)
    rack-protection (1.5.2)
      rack
    rake (10.1.1)
    sinatra (1.4.4)
      rack (~> 1.4)
      rack-protection (~> 1.4)
      tilt (~> 1.3, >= 1.3.4)
    tilt (1.4.1)

PLATFORMS
  ruby

DEPENDENCIES
  bundler
  hashie
  rake
  sinatra

BUNDLED WITH
   1.10.6
